GEM
  remote: https://rubygems.org/
  specs:
    color (1.4.1)
    nokogiri (1.5.6)
    trollop (2.0)

PLATFORMS
  ruby

DEPENDENCIES
  color
  nokogiri
  trollop
